GEM
  remote: https://rubygems.org/
  specs:
    chingu (0.9rc9)
      gosu (>= 0.7.45)
    gosu (0.14.5)

PLATFORMS
  ruby

DEPENDENCIES
  chingu (= 0.9rc9)
  gosu (~> 0.14.5)

BUNDLED WITH
   1.17.2
